GEM
  remote: https://rubygems.org/
  specs:
    fluent-logger (0.4.10)
      msgpack (>= 0.4.4, < 0.6.0, != 0.5.3, != 0.5.2, != 0.5.1, != 0.5.0)
      yajl-ruby (~> 1.0)
    msgpack (0.5.12)
    yajl-ruby (1.2.1)

PLATFORMS
  ruby

DEPENDENCIES
  fluent-logger (~> 0.4.3)

BUNDLED WITH
   1.11.2
